GIT
  remote: https://github.com/mina-deploy/mina.git
  revision: f638fade466d3fbb9bf1331880c6bea756706e9a
  branch: master
  specs:
    mina (1.2.4)
      rake

GEM
  remote: https://rubygems.org/
  specs:
    diff-lcs (1.5.0)
    rake (13.0.6)
    rspec (3.12.0)
      rspec-core (~> 3.12.0)
      rspec-expectations (~> 3.12.0)
      rspec-mocks (~> 3.12.0)
    rspec-core (3.12.2)
      rspec-support (~> 3.12.0)
    rspec-expectations (3.12.3)
      diff-lcs (>= 1.2.0, < 2.0)
      rspec-support (~> 3.12.0)
    rspec-mocks (3.12.5)
      diff-lcs (>= 1.2.0, < 2.0)
      rspec-support (~> 3.12.0)
    rspec-support (3.12.0)

PLATFORMS
  x86_64-darwin-22

DEPENDENCIES
  mina (~> 1.2)!
  rspec (> 3.10)

BUNDLED WITH
   2.4.10
