GEM
  remote: https://rubygems.org/
  specs:
    addressable (2.8.7)
      public_suffix (>= 2.0.2, < 7.0)
    base64 (0.2.0)
    bigdecimal (3.2.3)
    connection_pool (2.5.4)
    crack (0.4.6)
      bigdecimal
      rexml
    diff-lcs (1.5.1)
    dotenv (3.1.8)
    ffi (1.15.5)
    hashdiff (1.1.2)
    listen (3.8.0)
      rb-fsevent (~> 0.10, >= 0.10.3)
      rb-inotify (~> 0.9, >= 0.9.10)
    nokogiri (1.16.3-x86_64-darwin)
      racc (~> 1.4)
    nokogiri (1.16.3-x86_64-linux)
      racc (~> 1.4)
    public_suffix (5.1.1)
    racc (1.7.3)
    rb-fsevent (0.11.2)
    rb-inotify (0.10.1)
      ffi (~> 1.0)
    redis (5.4.1)
      redis-client (>= 0.22.0)
    redis-client (0.25.3)
      connection_pool
    rerun (0.14.0)
      listen (~> 3.0)
    retryable (3.0.5)
    rexml (3.4.1)
    rollbar (3.6.2)
    rspec (3.13.1)
      rspec-core (~> 3.13.0)
      rspec-expectations (~> 3.13.0)
      rspec-mocks (~> 3.13.0)
    rspec-core (3.13.5)
      rspec-support (~> 3.13.0)
    rspec-expectations (3.13.5)
      diff-lcs (>= 1.2.0, < 2.0)
      rspec-support (~> 3.13.0)
    rspec-mocks (3.13.5)
      diff-lcs (>= 1.2.0, < 2.0)
      rspec-support (~> 3.13.0)
    rspec-support (3.13.6)
    sequel (5.96.0)
      bigdecimal
    sqlite3 (1.7.3-x86_64-darwin)
    sqlite3 (1.7.3-x86_64-linux)
    vcr (6.3.1)
      base64
    webmock (3.25.1)
      addressable (>= 2.8.0)
      crack (>= 0.3.2)
      hashdiff (>= 0.4.0, < 2.0.0)

PLATFORMS
  x86_64-darwin-22
  x86_64-linux

DEPENDENCIES
  bigdecimal (~> 3.1)
  dotenv (~> 3.0)
  nokogiri (~> 1.14)
  redis (~> 5.4)
  rerun
  retryable (~> 3.0)
  rollbar (~> 3.4)
  rspec (~> 3.12)
  sequel (~> 5.67)
  sqlite3
  vcr (~> 6.1)
  webmock (~> 3.18)

BUNDLED WITH
   2.4.10
