GEM
  remote: https://rubygems.org/
  specs:
    diff-lcs (1.5.1)
    dotenv (2.8.1)
    ffi (1.15.5)
    listen (3.8.0)
      rb-fsevent (~> 0.10, >= 0.10.3)
      rb-inotify (~> 0.9, >= 0.9.10)
    mini_portile2 (2.8.5)
    rb-fsevent (0.11.2)
    rb-inotify (0.10.1)
      ffi (~> 1.0)
    rerun (0.14.0)
      listen (~> 3.0)
    rspec (3.13.0)
      rspec-core (~> 3.13.0)
      rspec-expectations (~> 3.13.0)
      rspec-mocks (~> 3.13.0)
    rspec-core (3.13.0)
      rspec-support (~> 3.13.0)
    rspec-expectations (3.13.0)
      diff-lcs (>= 1.2.0, < 2.0)
      rspec-support (~> 3.13.0)
    rspec-mocks (3.13.0)
      diff-lcs (>= 1.2.0, < 2.0)
      rspec-support (~> 3.13.0)
    rspec-support (3.13.1)
    sequel (5.67.0)
    sqlite3 (1.6.2)
      mini_portile2 (~> 2.8.0)

PLATFORMS
  x86_64-darwin-22
  x86_64-linux

DEPENDENCIES
  dotenv
  rerun
  rspec (~> 3.12)
  sequel (~> 5.67)
  sqlite3

BUNDLED WITH
   2.4.10
